GEM
  remote: https://rubygems.org/
  specs:
    CFPropertyList (2.3.5)
    android-adb-extension (0.1.2)
      to_boolean (~> 1.0)
    awesome_print (1.8.0)
    backports (3.10.3)
    builder (3.2.3)
    byebug (9.1.0)
    calabash-android (0.9.0)
      awesome_print (~> 1.2)
      cucumber
      escape (~> 0.0.4)
      httpclient (>= 2.7.1, < 3.0)
      json (~> 1.8)
      luffa
      rubyzip (~> 1.1)
      slowhandcuke (~> 0.0.3)
    calabash-cucumber (0.21.1)
      awesome_print
      bundler (~> 1.3)
      clipboard (~> 1.0)
      cucumber
      edn (>= 1.0.6, < 2.0)
      geocoder (>= 1.1.8, < 2.0)
      httpclient (>= 2.7.1, < 3.0)
      json
      run_loop (>= 2.6.1, < 3.0)
      slowhandcuke (~> 0.0.3)
    clipboard (1.1.1)
    coderay (1.1.2)
    command_runner_ng (0.1.3)
    concurrent-ruby (1.0.5)
    cpf_cnpj (0.3.0)
    cpf_generator (1.0.0)
    cucumber (3.0.1)
      builder (>= 2.1.2)
      cucumber-core (~> 3.0.0)
      cucumber-expressions (~> 4.0.3)
      cucumber-wire (~> 0.0.1)
      diff-lcs (~> 1.3)
      gherkin (~> 4.0)
      multi_json (>= 1.7.5, < 2.0)
      multi_test (>= 0.1.2)
    cucumber-core (3.0.0)
      backports (>= 3.8.0)
      cucumber-tag_expressions (>= 1.0.1)
      gherkin (>= 4.1.3)
    cucumber-expressions (4.0.4)
    cucumber-tag_expressions (1.0.1)
    cucumber-wire (0.0.1)
    diff-lcs (1.3)
    domain_name (0.5.20170404)
      unf (>= 0.0.5, < 1.0.0)
    edn (1.1.1)
    escape (0.0.4)
    faker (1.8.4)
      i18n (~> 0.5)
    geocoder (1.4.4)
    gherkin (4.1.3)
    http-cookie (1.0.3)
      domain_name (~> 0.5)
    httpclient (2.8.3)
    i18n (0.9.0)
      concurrent-ruby (~> 1.0)
    json (1.8.6)
    luffa (2.0.0)
      awesome_print (~> 1.2)
      json (~> 1.8)
      retriable (>= 1.3.3.1, < 2.1)
      thor (~> 0.19)
    method_source (0.8.2)
    mime-types (3.1)
      mime-types-data (~> 3.2015)
    mime-types-data (3.2016.0521)
    multi_json (1.12.2)
    multi_test (0.1.2)
    netrc (0.11.0)
    pluoa-mapper (1.0.4)
    pry (0.10.4)
      coderay (~> 1.1.0)
      method_source (~> 0.8.1)
      slop (~> 3.4)
    pry-byebug (3.5.0)
      byebug (~> 9.1)
      pry (~> 0.10)
    rest-client (2.0.2)
      http-cookie (>= 1.0.2, < 2.0)
      mime-types (>= 1.16, < 4.0)
      netrc (~> 0.8)
    retriable (2.0.2)
    rspec (3.7.0)
      rspec-core (~> 3.7.0)
      rspec-expectations (~> 3.7.0)
      rspec-mocks (~> 3.7.0)
    rspec-core (3.7.0)
      rspec-support (~> 3.7.0)
    rspec-expectations (3.7.0)
      diff-lcs (>= 1.2.0, < 2.0)
      rspec-support (~> 3.7.0)
    rspec-mocks (3.7.0)
      diff-lcs (>= 1.2.0, < 2.0)
      rspec-support (~> 3.7.0)
    rspec-support (3.7.0)
    rubysl-rexml (2.0.4)
    rubyzip (1.2.1)
    run_loop (2.6.1)
      CFPropertyList (~> 2.2)
      awesome_print (~> 1.2)
      command_runner_ng (>= 0.0.2)
      httpclient (>= 2.7.1, < 3.0)
      i18n (>= 0.7.0, < 1.0)
      json (~> 1.8)
      thor (>= 0.18.1, < 1.0)
    slop (3.6.0)
    slowhandcuke (0.0.3)
      cucumber
    thor (0.20.0)
    to_boolean (1.0.2)
    unf (0.1.4)
      unf_ext
    unf_ext (0.0.7.4)
    yml_reader (0.7)

PLATFORMS
  ruby

DEPENDENCIES
  android-adb-extension (~> 0.1.1)
  calabash-android
  calabash-cucumber
  cpf_cnpj
  cpf_generator (~> 1.0)
  cucumber
  faker
  pluoa-mapper (~> 1.0, >= 1.0.2)
  pry (~> 0.10.4)
  pry-byebug (~> 3.4)
  rest-client
  rspec
  rubysl-rexml
  yml_reader

BUNDLED WITH
   1.16.0.pre.3
